PATH
  remote: .
  specs:
    rack-middleware-json-parser (0.0.1)
      oj

GEM
  remote: http://rubygems.org/
  specs:
    diff-lcs (1.2.4)
    oj (2.1.4)
    rack (1.5.2)
    rack-test (0.6.2)
      rack (>= 1.0)
    rspec (2.14.1)
      rspec-core (~> 2.14.0)
      rspec-expectations (~> 2.14.0)
      rspec-mocks (~> 2.14.0)
    rspec-core (2.14.4)
    rspec-expectations (2.14.0)
      diff-lcs (>= 1.1.3, < 2.0)
    rspec-mocks (2.14.2)

PLATFORMS
  ruby

DEPENDENCIES
  rack-middleware-json-parser!
  rack-test (~> 0.6.2)
  rspec (~> 2.14.1)
